GEM
  remote: https://rubygems.org/
  specs:
    addressable (2.8.7)
      public_suffix (>= 2.0.2, < 7.0)
    autoprefixer-rails (9.8.6.5)
      execjs
    base64 (0.2.0)
    colorator (1.1.0)
    concurrent-ruby (1.3.3)
    em-websocket (0.5.3)
      eventmachine (>= 0.12.9)
      http_parser.rb (~> 0)
    eventmachine (1.2.7)
    execjs (2.9.1)
    extras (0.3.0)
      forwardable-extended (~> 2.5)
    fastimage (2.3.1)
    ffi (1.9.25)
    forwardable-extended (2.6.0)
    hash-joiner (0.0.7)
      safe_yaml
    htmlbeautifier (1.4.3)
    htmlcompressor (0.4.0)
    http_parser.rb (0.8.0)
    i18n (0.9.5)
      concurrent-ruby (~> 1.0)
    jekyll (3.7.4)
      addressable (~> 2.4)
      colorator (~> 1.0)
      em-websocket (~> 0.5)
      i18n (~> 0.7)
      jekyll-sass-converter (~> 1.0)
      jekyll-watch (~> 2.0)
      kramdown (~> 1.14)
      liquid (~> 4.0)
      mercenary (~> 0.3.3)
      pathutil (~> 0.9)
      rouge (>= 1.7, < 4)
      safe_yaml (~> 1.0)
    jekyll-assets (2.4.0)
      concurrent-ruby (~> 1.0)
      extras (~> 0.2)
      fastimage (~> 2.0, >= 1.8)
      jekyll (~> 3.1, >= 3.0)
      pathutil (>= 0.8)
      rack (~> 1.6)
      sprockets (~> 3.3, < 3.8)
    jekyll-data (1.1.1)
      jekyll (>= 3.3, < 5.0.0)
    jekyll-feed (0.17.0)
      jekyll (>= 3.7, < 5.0)
    jekyll-include-cache (0.2.1)
      jekyll (>= 3.7, < 5.0)
    jekyll-paginate-v2 (3.0.0)
      jekyll (>= 3.0, < 5.0)
    jekyll-readme-index (0.2.0)
      jekyll (~> 3.0)
    jekyll-redirect-from (0.16.0)
      jekyll (>= 3.3, < 5.0)
    jekyll-responsive-image (1.6.0)
      jekyll (>= 2.0, < 5.0)
      rmagick (>= 2.0, < 5.0)
    jekyll-sass-converter (1.5.2)
      sass (~> 3.4)
    jekyll-seo-tag (2.6.1)
      jekyll (>= 3.3, < 5.0)
    jekyll-sitemap (1.4.0)
      jekyll (>= 3.7, < 5.0)
    jekyll-theme-assets-updated (1.1)
      jekyll (~> 3.1, >= 3.0)
      jekyll-assets (~> 2.4.0)
    jekyll-tidy (0.2.2)
      htmlbeautifier
      htmlcompressor
      jekyll
    jekyll-watch (2.1.2)
      listen (~> 3.0)
    jumbo-jekyll-theme (4.7.3)
      autoprefixer-rails (~> 9.0, >= 9.0.0)
      ffi (~> 1.9.24)
      hash-joiner (~> 0)
      jekyll (~> 3.7.4)
      jekyll-assets (= 2.4.0)
      jekyll-data (> 0)
      jekyll-feed (> 0)
      jekyll-include-cache
      jekyll-paginate-v2 (> 0)
      jekyll-readme-index (= 0.2)
      jekyll-redirect-from (~> 0.12)
      jekyll-responsive-image
      jekyll-seo-tag (~> 2.2)
      jekyll-sitemap (~> 1.1)
      jekyll-theme-assets-updated (~> 1.1)
      jekyll-tidy (~> 0.2.2)
      jekyll-watch (~> 2.1.1)
      rack (>= 1.6.11)
      sprockets (~> 3.7.2)
      uglifier (> 0)
    kramdown (1.17.0)
    liquid (4.0.4)
    listen (3.9.0)
      rb-fsevent (~> 0.10, >= 0.10.3)
      rb-inotify (~> 0.9, >= 0.9.10)
    mercenary (0.3.6)
    mini_magick (4.9.2)
    pathutil (0.16.2)
      forwardable-extended (~> 2.6)
    public_suffix (5.1.1)
    rack (1.6.13)
    rb-fsevent (0.11.2)
    rb-inotify (0.11.1)
      ffi (~> 1.0)
    rmagick (4.3.0)
    rouge (3.30.0)
    safe_yaml (1.0.5)
    sass (3.7.4)
      sass-listen (~> 4.0.0)
    sass-listen (4.0.0)
      rb-fsevent (~> 0.9, >= 0.9.4)
      rb-inotify (~> 0.9, >= 0.9.7)
    sprockets (3.7.3)
      base64
      concurrent-ruby (~> 1.0)
      rack (> 1, < 3)
    uglifier (4.2.0)
      execjs (>= 0.3.0, < 3)

PLATFORMS
  ruby

DEPENDENCIES
  jekyll-data
  jumbo-jekyll-theme (= 4.7.3)
  mini_magick

BUNDLED WITH
   1.17.3
